PATH
  remote: .
  specs:
    vhd (0.0.2)
      bit-struct

GEM
  remote: https://rubygems.org/
  specs:
    awesome_print (1.2.0)
    bit-struct (0.15.0)
    coderay (1.1.0)
    diff-lcs (1.2.5)
    ffaker (1.23.0)
    method_source (0.8.2)
    pry (0.9.12.4)
      coderay (~> 1.0)
      method_source (~> 0.8)
      slop (~> 3.4)
    pry-nav (0.2.3)
      pry (~> 0.9.10)
    rspec (2.14.1)
      rspec-core (~> 2.14.0)
      rspec-expectations (~> 2.14.0)
      rspec-mocks (~> 2.14.0)
    rspec-core (2.14.7)
    rspec-expectations (2.14.4)
      diff-lcs (>= 1.1.3, < 2.0)
    rspec-mocks (2.14.4)
    slop (3.4.7)

PLATFORMS
  ruby

DEPENDENCIES
  awesome_print
  ffaker
  pry
  pry-nav
  rspec
  vhd!
